PATH
  remote: .
  specs:
    application_store (0.1.0)
      request_store

GEM
  remote: https://rubygems.org/
  specs:
    diff-lcs (1.3)
    rack (2.0.6)
    rake (10.5.0)
    request_store (1.4.1)
      rack (>= 1.4)
    rspec (3.8.0)
      rspec-core (~> 3.8.0)
      rspec-expectations (~> 3.8.0)
      rspec-mocks (~> 3.8.0)
    rspec-core (3.8.0)
      rspec-support (~> 3.8.0)
    rspec-expectations (3.8.2)
      diff-lcs (>= 1.2.0, < 2.0)
      rspec-support (~> 3.8.0)
    rspec-mocks (3.8.0)
      diff-lcs (>= 1.2.0, < 2.0)
      rspec-support (~> 3.8.0)
    rspec-support (3.8.0)

PLATFORMS
  ruby

DEPENDENCIES
  application_store!
  bundler (~> 2.0)
  rake (~> 10.0)
  rspec (~> 3.0)

BUNDLED WITH
   2.0.1
